GEM
  remote: https://rubygems.org/
  specs:
    gosu (0.10.8)

PLATFORMS
  ruby

DEPENDENCIES
  gosu (~> 0.10.4)

BUNDLED WITH
   1.16.0.pre.2
