GIT
  remote: git://github.com/tomdalling/defstruct.git
  revision: e0fc3722aa9e7035a83d7407367dbf9ef947036c
  specs:
    defstruct (0.0.1)

GEM
  remote: https://rubygems.org/
  specs:
    ast (2.3.0)
    autoprefixer-rails (7.2.5)
      execjs
    concurrent-ruby (1.0.5)
    diff-lcs (1.3)
    execjs (2.7.0)
    gosu (0.10.8)
    hike (1.2.3)
    opal (0.11.0)
      ast (>= 2.3.0)
      hike (~> 1.2)
      parser (= 2.3.3.1)
      sourcemap (~> 0.1.0)
    parser (2.3.3.1)
      ast (~> 2.2)
    rack (2.0.3)
    rspec (3.7.0)
      rspec-core (~> 3.7.0)
      rspec-expectations (~> 3.7.0)
      rspec-mocks (~> 3.7.0)
    rspec-core (3.7.1)
      rspec-support (~> 3.7.0)
    rspec-expectations (3.7.0)
      diff-lcs (>= 1.2.0, < 2.0)
      rspec-support (~> 3.7.0)
    rspec-mocks (3.7.0)
      diff-lcs (>= 1.2.0, < 2.0)
      rspec-support (~> 3.7.0)
    rspec-support (3.7.0)
    sourcemap (0.1.1)
    sprockets (3.7.1)
      concurrent-ruby (~> 1.0)
      rack (> 1, < 3)

PLATFORMS
  ruby

DEPENDENCIES
  autoprefixer-rails
  defstruct!
  gosu (~> 0.10.4)
  opal
  rspec (~> 3.4)
  sprockets (= 3.7.1)

BUNDLED WITH
   1.16.1
